GEM
  remote: https://rubygems.org/
  specs:
    concurrent-ruby (1.1.10)
    parallel (1.22.1)
    rainbow (3.1.1)
    tty-cursor (0.7.1)
    tty-spinner (0.9.3)
      tty-cursor (~> 0.7)

PLATFORMS
  ruby

DEPENDENCIES
  concurrent-ruby
  parallel
  rainbow
  tty-spinner

BUNDLED WITH
   2.1.4
